GEM
  remote: https://rubygems.org/
  specs:
    mysql2 (0.5.6)

PLATFORMS
  x64-mingw-ucrt

DEPENDENCIES
  mysql2

BUNDLED WITH
   2.6.3
